GEM
  remote: https://rubygems.org/
  specs:
    daemons (1.1.9)
    eventmachine (1.0.0)
    hashie (1.2.0)
    json_pure (1.7.7)
    rack (1.5.2)
    sinatra (1.1.0)
      rack (~> 1.1)
      tilt (~> 1.1)
    thin (1.5.0)
      daemons (>= 1.0.9)
      eventmachine (>= 0.12.6)
      rack (>= 1.0.0)
    tilt (1.3.3)
    tropo-webapi-ruby (0.1.11)
      hashie (>= 0.2.0)
      json_pure (>= 1.2.0)

PLATFORMS
  ruby

DEPENDENCIES
  eventmachine (= 1.0.0)
  sinatra (= 1.1.0)
  thin
  tropo-webapi-ruby
